GIT
  remote: https://github.com/jirutka/listen.git
  revision: 6c0bea9ef84cf230df698cfa9d198b9fa7b62af8
  tag: v3.0.8-nodep-r1
  specs:
    listen (3.0.8)

GEM
  remote: https://rubygems.org/
  specs:
    activesupport (5.0.0.1)
      concurrent-ruby (~> 1.0, >= 1.0.2)
      i18n (~> 0.7)
      minitest (~> 5.1)
      tzinfo (~> 1.1)
    addressable (2.5.0)
      public_suffix (~> 2.0, >= 2.0.2)
    asciidoctor (1.5.5)
    backports (3.6.8)
    coderay (1.1.1)
    concurrent-ruby (1.0.2)
    contracts (0.13.0)
    dotenv (2.1.1)
    em-websocket (0.5.1)
      eventmachine (>= 0.12.9)
      http_parser.rb (~> 0.6.0)
    erubis (2.7.0)
    eventmachine (1.2.0.1)
    execjs (2.7.0)
    fast_blank (1.0.0)
    fastimage (2.0.1)
      addressable (~> 2)
    ffi (1.9.14)
    hamster (3.0.0)
      concurrent-ruby (~> 1.0)
    hashie (3.4.6)
    http_parser.rb (0.6.0)
    i18n (0.7.0)
    kramdown (1.9.0)
    memoist (0.15.0)
    middleman-asciidoc (1.0.0.rc.2)
      asciidoctor (>= 1.5.0)
      middleman-core (~> 4.0)
    middleman-cli (4.1.11)
      thor (>= 0.17.0, < 2.0)
    middleman-core (4.1.11)
      activesupport (>= 4.2, < 5.1)
      addressable (~> 2.3)
      backports (~> 3.6)
      bundler (~> 1.1)
      contracts (~> 0.13.0)
      dotenv
      erubis
      execjs (~> 2.0)
      fast_blank
      fastimage (~> 2.0)
      hamster (~> 3.0)
      hashie (~> 3.4)
      i18n (~> 0.7.0)
      listen (~> 3.0.0)
      memoist (~> 0.14)
      padrino-helpers (~> 0.13.0)
      parallel
      rack (>= 1.4.5, < 3)
      sass (>= 3.4)
      servolux
      tilt (~> 2.0)
      uglifier (~> 3.0)
    middleman-livereload (3.4.6)
      em-websocket (~> 0.5.1)
      middleman-core (>= 3.3)
      rack-livereload (~> 0.3.15)
    minitest (5.9.1)
    naturally (2.1.0)
    padrino-helpers (0.13.3.3)
      i18n (~> 0.6, >= 0.6.7)
      padrino-support (= 0.13.3.3)
      tilt (>= 1.4.1, < 3)
    padrino-support (0.13.3.3)
      activesupport (>= 3.1)
    parallel (1.9.0)
    public_suffix (2.0.4)
    rack (2.0.1)
    rack-livereload (0.3.16)
      rack
    rb-fsevent (0.9.8)
    rb-inotify (0.9.7)
      ffi (>= 0.5.0)
    sass (3.4.22)
    servolux (0.12.0)
    thor (0.19.1)
    thread_safe (0.3.5)
    tilt (2.0.5)
    tzinfo (1.2.2)
      thread_safe (~> 0.1)
    uglifier (3.0.3)
      execjs (>= 0.3.0, < 3)
    zurb-foundation (4.3.2)
      sass (>= 3.2.0)

PLATFORMS
  ruby

DEPENDENCIES
  coderay (~> 1.1)
  kramdown (~> 1.2)
  listen!
  middleman-asciidoc
  middleman-cli (~> 4.1)
  middleman-core (~> 4.1)
  middleman-livereload (~> 3.4)
  naturally (~> 2.1)
  rb-fsevent (~> 0.9, >= 0.9.4)
  rb-inotify (~> 0.9, >= 0.9.7)
  tzinfo-data
  wdm (~> 0.1.0)
  zurb-foundation (~> 4.3.2)

BUNDLED WITH
   1.13.6
